GEM
  remote: https://rubygems.org/
  specs:
    byebug (9.0.6)
    minitest (5.9.0)
    rake (11.1.2)

PLATFORMS
  ruby

DEPENDENCIES
  byebug
  minitest (~> 5.9)
  rake (~> 11.1, >= 11.1.2)

BUNDLED WITH
   1.14.6
