GEM
  remote: https://rubygems.org/
  specs:
    byebug (10.0.0)
    coderay (1.1.2)
    method_source (0.9.0)
    minitest (5.9.0)
    pry (0.11.3)
      coderay (~> 1.1.0)
      method_source (~> 0.9.0)
    pry-byebug (3.6.0)
      byebug (~> 10.0)
      pry (~> 0.10)
    rake (11.3.0)

PLATFORMS
  ruby

DEPENDENCIES
  minitest (~> 5.9)
  pry-byebug
  rake (~> 11.1, >= 11.1.2)

BUNDLED WITH
   1.17.2
